PATH
  remote: .
  specs:
    gcra (1.3.0)

GEM
  remote: https://rubygems.org/
  specs:
    connection_pool (2.3.0)
    diff-lcs (1.5.0)
    redis (5.0.5)
      redis-client (>= 0.9.0)
    redis-client (0.12.0)
      connection_pool
    rspec (3.12.0)
      rspec-core (~> 3.12.0)
      rspec-expectations (~> 3.12.0)
      rspec-mocks (~> 3.12.0)
    rspec-core (3.12.0)
      rspec-support (~> 3.12.0)
    rspec-expectations (3.12.2)
      diff-lcs (>= 1.2.0, < 2.0)
      rspec-support (~> 3.12.0)
    rspec-mocks (3.12.2)
      diff-lcs (>= 1.2.0, < 2.0)
      rspec-support (~> 3.12.0)
    rspec-support (3.12.0)

PLATFORMS
  ruby

DEPENDENCIES
  gcra!
  redis (~> 5.0.5)
  rspec (~> 3.12)

BUNDLED WITH
   2.5.7
